GEM
  remote: http://rubygems.org/
  specs:
    mini_portile2 (2.4.0)
    nokogiri (1.10.10)
      mini_portile2 (~> 2.4.0)
    sqlite3 (1.4.2)

PLATFORMS
  ruby

DEPENDENCIES
  nokogiri
  sqlite3

BUNDLED WITH
   2.1.4
